GEM
  remote: https://rubygems.org/
  specs:
    addressable (2.3.5)
    breakpoint (2.4.1)
      compass (~> 1.0.0.alpha.13)
      sass (~> 3.3.0.rc.2)
      sassy-maps (< 1.0.0)
    chunky_png (1.2.9)
    color-schemer (0.2.8)
      compass-blend-modes (~> 0.0.2)
    compass (1.0.0.alpha.17)
      chunky_png (~> 1.2)
      compass-core (~> 1.0.0.alpha.16)
      compass-import-once (~> 1.0.1)
      json
      listen (~> 1.1.0)
      sass (~> 3.3.0.rc.1)
    compass-aurora (3.0.8)
      bundler (>= 1.3.5)
      compass (>= 0.12.2)
      compass-normalize (>= 1.4.3)
      css_parser (>= 1.3.4)
      sassy-buttons (>= 0.2.0)
      toolkit (>= 1.2.2)
    compass-blend-modes (0.0.2)
      compass
    compass-core (1.0.0.alpha.16)
      multi_json (~> 1.0)
      sass (>= 3.3.rc.1)
    compass-import-once (1.0.2)
    compass-normalize (1.4.3)
      compass (>= 0.12.0)
    css_parser (1.3.5)
      addressable
    ffi (1.9.3)
    json (1.8.1)
    listen (1.1.6)
      rb-fsevent (>= 0.9.3)
      rb-inotify (>= 0.9)
      rb-kqueue (>= 0.2)
    multi_json (1.8.4)
    rb-fsevent (0.9.4)
    rb-inotify (0.9.3)
      ffi (>= 0.5.0)
    rb-kqueue (0.2.0)
      ffi (>= 0.5.0)
    sass (3.3.0.rc.2)
      listen (~> 1.1.0)
    sass-globbing (1.1.0)
      sass (>= 3.1)
    sassy-buttons (0.2.6)
      compass (>= 0.12.2)
    sassy-maps (0.3.1)
      compass (~> 1.0.0.alpha.13)
      sass (~> 3.3.0.rc.2)
    sassy-strings (1.0.0)
      compass (>= 0.12.2)
    singularitygs (1.2.0.rc.3)
      breakpoint (>= 2.4.0)
      compass (~> 1.0.0.alpha.13)
      sass (~> 3.3.0.rc.2)
    toolkit (1.3.8)
      breakpoint (>= 2.0.6)
      color-schemer (>= 0.2.7)
      compass (>= 0.12.2)
      sassy-strings (>= 1.0.0)
      singularitygs (>= 1.1.2)

PLATFORMS
  ruby

DEPENDENCIES
  breakpoint (~> 2.4.1)
  compass-aurora (~> 3.0.8)
  compass-normalize (~> 1.4.3)
  css_parser (~> 1.3.4)
  sass-globbing (~> 1.1.0)
  singularitygs (~> 1.2.0.rc.3)
  toolkit (~> 1.3.8)
